PATH
  remote: .
  specs:
    StudyTube (0.0.1)

GEM
  remote: https://rubygems.org/
  specs:
    mime-types (2.3)
    netrc (0.7.7)
    rake (10.3.2)
    rest-client (1.7.1)
      mime-types (>= 1.16, < 3.0)
      netrc (~> 0.7)

PLATFORMS
  ruby

DEPENDENCIES
  StudyTube!
  bundler (~> 1.6)
  rake
  rest-client
